GEM
  remote: https://rubygems.org/
  specs:
    aws-sdk (2.1.2)
      aws-sdk-resources (= 2.1.2)
    aws-sdk-core (2.1.2)
      jmespath (~> 1.0)
    aws-sdk-resources (2.1.2)
      aws-sdk-core (= 2.1.2)
    beanstalk-client (1.1.1)
    bson (1.0.7)
    celluloid (0.15.2)
      timers (~> 1.1.0)
    coderay (1.0.9)
    connection_pool (2.0.0)
    elif (0.1.0)
    facets (2.9.3)
    fakeweb (1.3.0)
    jmespath (1.0.2)
      multi_json (~> 1.0)
    json (1.8.1)
    memcache-client (1.8.5)
    method_source (0.8.1)
    mini_portile (0.5.0)
    mocha (0.9.8)
      rake
    mongo (1.0.8)
      bson (>= 1.0.5)
    mono_logger (1.1.0)
    multi_json (1.7.7)
    mysql2 (0.3.18)
    nokogiri (1.6.0)
      mini_portile (~> 0.5.0)
    pg (0.9.0)
    pry (0.9.12.2)
      coderay (~> 1.0.5)
      method_source (~> 0.8)
      slop (~> 3.4)
    pry-doc (0.4.6)
      pry (>= 0.9)
      yard (>= 0.8)
    rack (1.5.2)
    rack-protection (1.5.0)
      rack
    rake (0.8.7)
    redis (3.0.7)
    redis-namespace (1.4.1)
      redis (~> 3.0.4)
    request-log-analyzer (1.8.1)
    resque (1.24.1)
      mono_logger (~> 1.0)
      multi_json (~> 1.0)
      redis-namespace (~> 1.2)
      sinatra (>= 0.9.2)
      vegas (~> 0.1.2)
    scout (5.1.4)
      elif
    sidekiq (3.0.0)
      celluloid (>= 0.15.2)
      connection_pool (>= 2.0.0)
      json
      redis (>= 3.0.6)
      redis-namespace (>= 1.3.1)
    sinatra (1.4.3)
      rack (~> 1.4)
      rack-protection (~> 1.4)
      tilt (~> 1.3, >= 1.3.4)
    slop (3.4.5)
    tilt (1.4.1)
    timecop (0.3.5)
    timers (1.1.0)
    vegas (0.1.11)
      rack (>= 1.0.0)
    yard (0.8.6.1)

PLATFORMS
  ruby

DEPENDENCIES
  aws-sdk (~> 2.1.2)
  beanstalk-client
  facets
  fakeweb
  memcache-client
  mocha
  mongo
  mysql2
  nokogiri
  pg
  pry
  pry-doc
  redis
  request-log-analyzer
  resque
  scout
  sidekiq
  timecop

BUNDLED WITH
   1.10.5
